REDIRECTS: ON
NUGET
  remote: https://www.nuget.org/api/v2
    FAKE (4.7.1)
    FSharp.Compiler.Service (1.4.2.1)
    FSharp.Core (4.0.0.1)
    FSharp.Formatting (2.12)
      FSharp.Compiler.Service (1.4.0.6)
      FSharpVSPowerTools.Core (2.1)
    FSharpVSPowerTools.Core (2.1)
      FSharp.Compiler.Service (>= 1.4.0.6)
    NuGet.CommandLine (3.4.3)
    NUnit (2.6.4)
    NUnit.Runners (2.6.4)
    Unquote (3.1)
    Yaaf.AdvancedBuilding (0.11)
      FAKE (4.7.1)
      FSharp.Formatting (2.12)
      FSharpVSPowerTools.Core (2.1)
