REDIRECTS: ON
NUGET
  remote: https://nuget.org/api/v2
  specs:
    FAKE (4.7.1)
    FSharp.Compiler.Service (1.4.2.1)
    FSharp.Core (4.0.0.1)
    FSharp.Formatting (2.12.0)
      FSharp.Compiler.Service (1.4.0.6)
      FSharpVSPowerTools.Core (2.1.0)
    FSharpVSPowerTools.Core (2.1.0)
      FSharp.Compiler.Service (>= 1.4.0.6)
    NUnit (2.6.4)
    NUnit.Runners (2.6.4)
    Unquote (3.1.0)
    Yaaf.AdvancedBuilding (0.11.0)
      FAKE (4.7.1)
      FSharp.Formatting (2.12.0)
      FSharpVSPowerTools.Core (2.1.0)
