REDIRECTS: ON
NUGET
  remote: https://www.nuget.org/api/v2
    FAKE (4.29)
    FSharp.Compiler.Service (2.0.0.6)
    FSharp.Core (4.0.0.1)
    FSharp.Formatting (2.14.4)
      FSharp.Compiler.Service (2.0.0.6)
      FSharpVSPowerTools.Core (>= 2.3 < 2.4)
    FSharpVSPowerTools.Core (2.3)
      FSharp.Compiler.Service (>= 2.0.0.3)
    NuGet.CommandLine (3.4.3)
    NUnit (3.4)
    NUnit.ConsoleRunner (3.4)
    NUnit.Extension.NUnitProjectLoader (3.4)
    NUnit.Extension.NUnitV2Driver (3.4)
    NUnit.Extension.NUnitV2ResultWriter (3.4)
    NUnit.Extension.TeamCityEventListener (1.0)
    NUnit.Extension.VSProjectLoader (3.4)
    NUnit.Runners (3.4)
      NUnit.ConsoleRunner (3.4)
      NUnit.Extension.NUnitProjectLoader (3.4)
      NUnit.Extension.NUnitV2Driver (3.4)
      NUnit.Extension.NUnitV2ResultWriter (3.4)
      NUnit.Extension.TeamCityEventListener (1.0)
      NUnit.Extension.VSProjectLoader (3.4)
    Unquote (3.1.1)
    Yaaf.AdvancedBuilding (0.14.1)
      FAKE (4.29)
      FSharp.Formatting (2.14.4)
      FSharpVSPowerTools.Core (2.3)
