NUGET
  remote: https://nuget.org/api/v2
  specs:
    FAKE (3.28.8)
    FSharp.Compiler.Service (0.0.87)
    FSharp.Core (3.1.2.1)
    FSharp.Formatting (2.9.2)
      FSharp.Compiler.Service (0.0.87)
      FSharpVSPowerTools.Core (1.8.0)
    FSharpVSPowerTools.Core (1.8.0)
      FSharp.Compiler.Service (>= 0.0.87)
    NUnit (2.6.4)
    NUnit.Runners (2.6.4)
    Unquote (2.2.2)
    Yaaf.AdvancedBuilding (0.6.0)
      FAKE (3.28.8)
      FSharp.Formatting (2.9.2)
      FSharpVSPowerTools.Core (1.8.0)
