NUGET
  remote: https://nuget.org/api/v2
  specs:
    FAKE (3.14.8)
    FSharp.Compiler.Service (0.0.82)
    FSharp.Formatting (2.6.3)
      FSharp.Compiler.Service (>= 0.0.81)
    NUnit (2.6.4)
    NUnit.Runners (2.6.4)
    Unquote (2.2.2)
    Yaaf.AdvancedBuilding (0.1.4)
      FAKE (>= 3.14.8)
      FSharp.Compiler.Service (>= 0.0.82)
      FSharp.Formatting (>= 2.6.3)
      Yaaf.FSharp.Scripting (>= 1.0.0)
    Yaaf.FSharp.Scripting (1.0.1)
      FSharp.Compiler.Service (>= 0.0.82)
